GEM
  specs:
    spring (2.1.1)

PLATFORMS
  ruby

DEPENDENCIES
  spring

BUNDLED WITH
   2.1.4
